GEM
  remote: http://rubygems.org/
  specs:
    addressable (2.2.2)
    bitly (0.5.4)
      crack (>= 0.1.4)
      httparty (>= 0.5.2)
    crack (0.1.8)
    httparty (0.6.1)
      crack (= 0.1.8)
    rack (1.2.1)
    rack-flash (0.1.1)
      rack
    sinatra (1.1.0)
      rack (~> 1.1)
      tilt (~> 1.1)
    tilt (1.1)

PLATFORMS
  ruby

DEPENDENCIES
  addressable
  bitly
  rack-flash
  sinatra
